GEM
  remote: https://rubygems.org/
  specs:
    byebug (11.1.3)
    rack (2.2.6.4)

PLATFORMS
  arm64-darwin-21

DEPENDENCIES
  byebug
  rack (< 3.0)

BUNDLED WITH
   2.4.7
